GEM
  remote: https://rubygems.org/
  specs:
    diff-lcs (1.3)
    foreman (0.84.0)
      thor (~> 0.19.1)
    rack (2.0.3)
    rack-app (6.8.0)
      rack
    rake (12.0.0)
    rspec (3.6.0)
      rspec-core (~> 3.6.0)
      rspec-expectations (~> 3.6.0)
      rspec-mocks (~> 3.6.0)
    rspec-core (3.6.0)
      rspec-support (~> 3.6.0)
    rspec-expectations (3.6.0)
      diff-lcs (>= 1.2.0, < 2.0)
      rspec-support (~> 3.6.0)
    rspec-mocks (3.6.0)
      diff-lcs (>= 1.2.0, < 2.0)
      rspec-support (~> 3.6.0)
    rspec-support (3.6.0)
    shotgun (0.9.2)
      rack (>= 1.0)
    thor (0.19.4)

PLATFORMS
  ruby

DEPENDENCIES
  foreman
  rack-app
  rake
  rspec
  shotgun

BUNDLED WITH
   1.15.1
